GEM
  remote: https://rubygems.org/
  specs:
    foreman (0.87.2)
    slim (4.1.0)
      temple (>= 0.7.6, < 0.9)
      tilt (>= 2.0.6, < 2.1)
    temple (0.8.2)
    tilt (2.0.10)

PLATFORMS
  arm64-darwin-21

DEPENDENCIES
  foreman
  slim

BUNDLED WITH
   2.3.8
